PATH
  remote: .
  specs:
    zygote (0.2.15)
      async_sinatra (= 1.2.1)
      em-http-request (= 1.1.2)
      em-synchrony (= 1.0.4)
      erubis (= 2.7.0)
      rack-contrib (>= 1.4.0)
      thin (>= 1.6.4)
      worsemodel (= 0.2.0)

GEM
  remote: https://rubygems.org/
  specs:
    activemodel (4.2.6)
      activesupport (= 4.2.6)
      builder (~> 3.1)
    activesupport (4.2.6)
      i18n (~> 0.7)
      json (~> 1.7, >= 1.7.7)
      minitest (~> 5.1)
      thread_safe (~> 0.3, >= 0.3.4)
      tzinfo (~> 1.1)
    addressable (2.4.0)
    ast (2.4.2)
    async_sinatra (1.2.1)
      rack (>= 1.4.1)
      sinatra (>= 1.3.2)
    builder (3.2.2)
    byebug (8.2.1)
    coderay (1.1.0)
    cookiejar (0.3.3)
    daemons (1.2.3)
    diff-lcs (1.2.5)
    docile (1.1.5)
    em-http-request (1.1.2)
      addressable (>= 2.3.4)
      cookiejar
      em-socksify (>= 0.3)
      eventmachine (>= 1.0.3)
      http_parser.rb (>= 0.6.0)
    em-socksify (0.3.1)
      eventmachine (>= 1.0.0.beta.4)
    em-synchrony (1.0.4)
      eventmachine (>= 1.0.0.beta.1)
    erubis (2.7.0)
    eventmachine (1.2.0.1)
    git-version-bump (0.15.1)
    http_parser.rb (0.6.0)
    i18n (0.7.0)
    json (1.8.3)
    method_source (0.8.2)
    minitest (5.9.0)
    parallel (1.23.0)
    parser (3.2.2.0)
      ast (~> 2.4.1)
    pry (0.10.3)
      coderay (~> 1.1.0)
      method_source (~> 0.8.1)
      slop (~> 3.4)
    pry-byebug (3.3.0)
      byebug (~> 8.0)
      pry (~> 0.10)
    rack (1.6.4)
    rack-contrib (1.4.0)
      git-version-bump (~> 0.15)
      rack (~> 1.4)
    rack-protection (1.5.3)
      rack
    rails-observers (0.1.2)
      activemodel (~> 4.0)
    rainbow (3.1.1)
    rake (10.4.2)
    regexp_parser (2.8.0)
    rexml (3.2.5)
    rspec (3.2.0)
      rspec-core (~> 3.2.0)
      rspec-expectations (~> 3.2.0)
      rspec-mocks (~> 3.2.0)
    rspec-core (3.2.3)
      rspec-support (~> 3.2.0)
    rspec-expectations (3.2.1)
      diff-lcs (>= 1.2.0, < 2.0)
      rspec-support (~> 3.2.0)
    rspec-mocks (3.2.1)
      diff-lcs (>= 1.2.0, < 2.0)
      rspec-support (~> 3.2.0)
    rspec-support (3.2.2)
    rubocop (1.31.0)
      parallel (~> 1.10)
      parser (>= 3.1.0.0)
      rainbow (>= 2.2.2, < 4.0)
      regexp_parser (>= 1.8, < 3.0)
      rexml (>= 3.2.5, < 4.0)
      rubocop-ast (>= 1.18.0, < 2.0)
      ruby-progressbar (~> 1.7)
      unicode-display_width (>= 1.4.0, < 3.0)
    rubocop-ast (1.28.0)
      parser (>= 3.2.1.0)
    ruby-progressbar (1.13.0)
    simplecov (0.10.0)
      docile (~> 1.1.0)
      json (~> 1.8)
      simplecov-html (~> 0.10.0)
    simplecov-html (0.10.0)
    sinatra (1.4.7)
      rack (~> 1.5)
      rack-protection (~> 1.4)
      tilt (>= 1.3, < 3)
    slop (3.6.0)
    thin (1.7.0)
      daemons (~> 1.0, >= 1.0.9)
      eventmachine (~> 1.0, >= 1.0.4)
      rack (>= 1, < 3)
    thread_safe (0.3.5)
    tilt (2.0.5)
    tzinfo (1.2.2)
      thread_safe (~> 0.1)
    unicode-display_width (2.4.2)
    worsemodel (0.2.0)
      activemodel (>= 4.0.0)
      rails-observers

PLATFORMS
  ruby

DEPENDENCIES
  pry (= 0.10.3)
  pry-byebug (= 3.3.0)
  rake (= 10.4.2)
  rspec (= 3.2.0)
  rubocop (~> 1.31.0)
  simplecov (= 0.10.0)
  zygote!

BUNDLED WITH
   1.12.5
